GEM
  remote: https://rubygems.org/
  specs:
    connection_pool (2.2.2)
    faraday (0.15.4)
      multipart-post (>= 1.2, < 3)
    multipart-post (2.0.0)
    net-http-persistent (3.0.0)
      connection_pool (~> 2.2)
    stripe (4.12.0)
      faraday (~> 0.13)
      net-http-persistent (~> 3.0)

PLATFORMS
  ruby

DEPENDENCIES
  stripe

BUNDLED WITH
   1.16.5
